GIT
  remote: https://github.com/scottweaver/logging-facade.git
  revision: 4037c16b57e049892f88db905524891d8e638f03
  specs:
    logging-facade (0.0.1)

PATH
  remote: .
  specs:
    ruby-sapjco (1.5.0)
      haml
      launchy
      logging-facade

GEM
  remote: https://rubygems.org/
  specs:
    addressable (2.3.2)
    diff-lcs (1.1.3)
    ffi (1.1.5-java)
    haml (3.1.7)
    launchy (2.1.2-java)
      addressable (~> 2.3)
      ffi (~> 1.1.1)
      spoon (~> 0.0.1)
    multi_json (1.5.0)
    rspec (2.12.0)
      rspec-core (~> 2.12.0)
      rspec-expectations (~> 2.12.0)
      rspec-mocks (~> 2.12.0)
    rspec-core (2.12.2)
    rspec-expectations (2.12.1)
      diff-lcs (~> 1.1.3)
    rspec-mocks (2.12.1)
    simplecov (0.7.1)
      multi_json (~> 1.0)
      simplecov-html (~> 0.7.1)
    simplecov-html (0.7.1)
    spoon (0.0.1)

PLATFORMS
  java

DEPENDENCIES
  haml
  launchy
  logging-facade!
  rspec
  ruby-sapjco!
  simplecov
